GEM
  remote: https://rubygems.org/
  specs:
    actionmailer (4.0.0)
      actionpack (= 4.0.0)
      mail (~> 2.5.3)
    actionpack (4.0.0)
      activesupport (= 4.0.0)
      builder (~> 3.1.0)
      erubis (~> 2.7.0)
      rack (~> 1.5.2)
      rack-test (~> 0.6.2)
    activemodel (4.0.0)
      activesupport (= 4.0.0)
      builder (~> 3.1.0)
    activerecord (4.0.0)
      activemodel (= 4.0.0)
      activerecord-deprecated_finders (~> 1.0.2)
      activesupport (= 4.0.0)
      arel (~> 4.0.0)
    activerecord-deprecated_finders (1.0.3)
    activesupport (4.0.0)
      i18n (~> 0.6, >= 0.6.4)
      minitest (~> 4.2)
      multi_json (~> 1.3)
      thread_safe (~> 0.1)
      tzinfo (~> 0.3.37)
    addressable (2.3.5)
    alias (0.2.3)
    arel (4.0.0)
    atomic (1.1.10)
    awesome_print (1.1.0)
    backports (3.3.3)
    bcrypt-ruby (3.0.1)
    bond (0.4.3)
    boson (1.2.4)
    boson-more (0.2.2)
      boson (>= 1.2.0)
    builder (3.1.4)
    clipboard (1.0.5)
    coderay (1.0.9)
    coffee-rails (4.0.0)
      coffee-script (>= 2.2.0)
      railties (>= 4.0.0.beta, < 5.0)
    coffee-script (2.2.0)
      coffee-script-source
      execjs
    coffee-script-source (1.6.3)
    columnize (0.3.6)
    debugger (1.6.1)
      columnize (>= 0.3.1)
      debugger-linecache (~> 1.2.0)
      debugger-ruby_core_source (~> 1.2.3)
    debugger-linecache (1.2.0)
    debugger-ruby_core_source (1.2.3)
    erubis (2.7.0)
    every_day_irb (1.5.0)
    execjs (1.4.0)
      multi_json (~> 1.0)
    fancy_irb (0.7.3)
      paint (>= 0.8.1)
      unicode-display_width (>= 0.1.1)
    faraday (0.8.7)
      multipart-post (~> 1.1)
    faraday_middleware (0.9.0)
      faraday (>= 0.7.4, < 0.9)
    ffi (1.9.0)
    g (1.7.2)
    gh (0.11.3)
      addressable
      backports
      faraday (~> 0.8)
      multi_json (~> 1.0)
      net-http-persistent (>= 2.7)
      net-http-pipeline
    highline (1.6.19)
    hike (1.2.3)
    hirb (0.7.1)
    i18n (0.6.4)
    interactive_editor (0.0.10)
      spoon (>= 0.0.1)
    irbtools (1.5.0)
      alias (~> 0.2.3)
      awesome_print (~> 1.1.0)
      boson (~> 1.2.4)
      boson-more (~> 0.2.2)
      clipboard (~> 1.0.5)
      coderay (~> 1.0.9)
      every_day_irb (>= 1.5.0)
      fancy_irb (>= 0.7.3)
      g (>= 1.7.2)
      hirb (~> 0.7.1)
      interactive_editor (>= 0.0.10)
      method_locator (>= 0.0.4)
      method_source (>= 0.8.1)
      methodfinder (>= 1.2.5)
      ori (~> 0.1.0)
      paint (>= 0.8.6)
      wirb (>= 1.0.1)
      zucker (>= 13.1)
    irbtools-more (1.5.0)
      bond (~> 0.4.3)
      irbtools (~> 1.5.0)
      looksee (~> 1.1.0)
    jbuilder (1.4.2)
      activesupport (>= 3.0.0)
      multi_json (>= 1.2.0)
    jquery-rails (3.0.4)
      railties (>= 3.0, < 5.0)
      thor (>= 0.14, < 2.0)
    json (1.8.0)
    kgio (2.8.0)
    launchy (2.3.0)
      addressable (~> 2.3)
    libv8 (3.11.8.17)
    looksee (1.1.0)
    mail (2.5.4)
      mime-types (~> 1.16)
      treetop (~> 1.4.8)
    method_locator (0.0.4)
    method_source (0.8.1)
    methodfinder (1.2.5)
    mime-types (1.23)
    minitest (4.7.5)
    multi_json (1.7.7)
    multipart-post (1.2.0)
    net-http-persistent (2.8)
    net-http-pipeline (1.0.1)
    netrc (0.7.7)
    ori (0.1.0)
    paint (0.8.6)
    pg (0.16.0)
    polyglot (0.3.3)
    pry (0.9.12.2)
      coderay (~> 1.0.5)
      method_source (~> 0.8)
      slop (~> 3.4)
    rack (1.5.2)
    rack-test (0.6.2)
      rack (>= 1.0)
    rails (4.0.0)
      actionmailer (= 4.0.0)
      actionpack (= 4.0.0)
      activerecord (= 4.0.0)
      activesupport (= 4.0.0)
      bundler (>= 1.3.0, < 2.0)
      railties (= 4.0.0)
      sprockets-rails (~> 2.0.0)
    railties (4.0.0)
      actionpack (= 4.0.0)
      activesupport (= 4.0.0)
      rake (>= 0.8.7)
      thor (>= 0.18.1, < 2.0)
    raindrops (0.11.0)
    rake (10.1.0)
    rdoc (3.12.2)
      json (~> 1.4)
    ref (1.0.5)
    ruby_gntp (0.3.4)
    sass (3.2.9)
    sass-rails (4.0.0)
      railties (>= 4.0.0.beta, < 5.0)
      sass (>= 3.1.10)
      sprockets-rails (~> 2.0.0)
    sdoc (0.3.20)
      json (>= 1.1.3)
      rdoc (~> 3.10)
    slop (3.4.5)
    spoon (0.0.4)
      ffi
    sprockets (2.10.0)
      hike (~> 1.2)
      multi_json (~> 1.0)
      rack (~> 1.0)
      tilt (~> 1.1, != 1.3.0)
    sprockets-rails (2.0.0)
      actionpack (>= 3.0)
      activesupport (>= 3.0)
      sprockets (~> 2.8)
    terminal-notifier (1.4.2)
    therubyracer (0.11.4)
      libv8 (~> 3.11.8.12)
      ref
    thor (0.18.1)
    thread_safe (0.1.2)
      atomic
    tilt (1.4.1)
    travis (1.3.1)
      backports
      faraday (~> 0.8)
      faraday_middleware (~> 0.9)
      gh
      highline (~> 1.6)
      launchy (~> 2.1)
      net-http-persistent (~> 2.8)
      netrc (~> 0.7)
      pry (~> 0.9)
    treetop (1.4.14)
      polyglot
      polyglot (>= 0.3.1)
    turbolinks (1.3.0)
      coffee-rails
    tzinfo (0.3.37)
    uglifier (2.1.2)
      execjs (>= 0.3.0)
      multi_json (~> 1.0, >= 1.0.2)
    unicode-display_width (0.1.1)
    unicorn (4.6.3)
      kgio (~> 2.6)
      rack
      raindrops (~> 0.7)
    wirb (1.0.1)
      paint
    zucker (13.1)

PLATFORMS
  ruby

DEPENDENCIES
  bcrypt-ruby (~> 3.0.0)
  coffee-rails (~> 4.0.0)
  debugger
  irbtools
  irbtools-more
  jbuilder (~> 1.2)
  jquery-rails
  pg
  rails (= 4.0.0)
  rake
  ruby_gntp
  sass-rails (~> 4.0.0)
  sdoc
  terminal-notifier
  therubyracer
  travis
  turbolinks
  uglifier (>= 1.3.0)
  unicorn
